PATH
  remote: .
  specs:
    coffee_compiler (0.0.1)
      therubyracer

GEM
  remote: http://rubygems.org/
  specs:
    diff-lcs (1.1.2)
    rspec (2.1.0)
      rspec-core (~> 2.1.0)
      rspec-expectations (~> 2.1.0)
      rspec-mocks (~> 2.1.0)
    rspec-core (2.1.0)
    rspec-expectations (2.1.0)
      diff-lcs (~> 1.1.2)
    rspec-mocks (2.1.0)
    therubyracer (0.7.5)

PLATFORMS
  ruby

DEPENDENCIES
  coffee_compiler!
  rspec (~> 2.0)
  therubyracer
